GEM
  remote: https://rubygems.org/
  specs:
    json (1.8.0)
    oauth (0.4.7)

PLATFORMS
  ruby

DEPENDENCIES
  json
  oauth
