GEM
  remote: https://rubygems.org/
  specs:
    htmlentities (4.3.3)
    json (1.8.1)
    oauth (0.4.7)
    rake (10.1.0)

PLATFORMS
  ruby

DEPENDENCIES
  htmlentities
  json
  oauth
  rake
