GEM
  remote: https://rubygems.org/
  specs:
    json (1.8.1)
    oauth (0.4.7)
    rake (10.1.0)

PLATFORMS
  ruby

DEPENDENCIES
  json
  oauth
  rake
